GIT
  remote: https://github.com/plataformatec/devise.git
  revision: c82e4cf47b02002b2fd7ca31d441cf1043fc634c
  specs:
    devise (4.8.0)
      bcrypt (~> 3.0)
      orm_adapter (~> 0.1)
      railties (>= 4.1.0)
      responders
      warden (~> 1.2.3)

GEM
  remote: https://rubygems.org/
  specs:
    actioncable (6.1.3.2)
      actionpack (= 6.1.3.2)
      activesupport (= 6.1.3.2)
      nio4r (~> 2.0)
      websocket-driver (>= 0.6.1)
    actionmailbox (6.1.3.2)
      actionpack (= 6.1.3.2)
      activejob (= 6.1.3.2)
      activerecord (= 6.1.3.2)
      activestorage (= 6.1.3.2)
      activesupport (= 6.1.3.2)
      mail (>= 2.7.1)
    actionmailer (6.1.3.2)
      actionpack (= 6.1.3.2)
      actionview (= 6.1.3.2)
      activejob (= 6.1.3.2)
      activesupport (= 6.1.3.2)
      mail (~> 2.5, >= 2.5.4)
      rails-dom-testing (~> 2.0)
    actionpack (6.1.3.2)
      actionview (= 6.1.3.2)
      activesupport (= 6.1.3.2)
      rack (~> 2.0, >= 2.0.9)
      rack-test (>= 0.6.3)
      rails-dom-testing (~> 2.0)
      rails-html-sanitizer (~> 1.0, >= 1.2.0)
    actiontext (6.1.3.2)
      actionpack (= 6.1.3.2)
      activerecord (= 6.1.3.2)
      activestorage (= 6.1.3.2)
      activesupport (= 6.1.3.2)
      nokogiri (>= 1.8.5)
    actionview (6.1.3.2)
      activesupport (= 6.1.3.2)
      builder (~> 3.1)
      erubi (~> 1.4)
      rails-dom-testing (~> 2.0)
      rails-html-sanitizer (~> 1.1, >= 1.2.0)
    activejob (6.1.3.2)
      activesupport (= 6.1.3.2)
      globalid (>= 0.3.6)
    activemodel (6.1.3.2)
      activesupport (= 6.1.3.2)
    activerecord (6.1.3.2)
      activemodel (= 6.1.3.2)
      activesupport (= 6.1.3.2)
    activestorage (6.1.3.2)
      actionpack (= 6.1.3.2)
      activejob (= 6.1.3.2)
      activerecord (= 6.1.3.2)
      activesupport (= 6.1.3.2)
      marcel (~> 1.0.0)
      mini_mime (~> 1.0.2)
    activesupport (6.1.3.2)
      concurrent-ruby (~> 1.0, >= 1.0.2)
      i18n (>= 1.6, < 2)
      minitest (>= 5.1)
      tzinfo (~> 2.0)
      zeitwerk (~> 2.3)
    addressable (2.8.0)
      public_suffix (>= 2.0.2, < 5.0)
    ajax-datatables-rails (1.3.1)
      zeitwerk
    ast (2.4.2)
    autoprefixer-rails (10.2.5.1)
      execjs (> 0)
    aws-eventstream (1.1.1)
    aws-partitions (1.464.0)
    aws-sdk-core (3.114.0)
      aws-eventstream (~> 1, >= 1.0.2)
      aws-partitions (~> 1, >= 1.239.0)
      aws-sigv4 (~> 1.1)
      jmespath (~> 1.0)
    aws-sdk-kms (1.43.0)
      aws-sdk-core (~> 3, >= 3.112.0)
      aws-sigv4 (~> 1.1)
    aws-sdk-s3 (1.95.1)
      aws-sdk-core (~> 3, >= 3.112.0)
      aws-sdk-kms (~> 1)
      aws-sigv4 (~> 1.1)
    aws-sigv4 (1.2.3)
      aws-eventstream (~> 1, >= 1.0.2)
    bcrypt (3.1.16)
    bindex (0.8.1)
    bootsnap (1.7.5)
      msgpack (~> 1.0)
    bootstrap (4.6.0)
      autoprefixer-rails (>= 9.1.0)
      popper_js (>= 1.14.3, < 2)
      sassc-rails (>= 2.0.0)
    bootstrap-will_paginate (1.0.0)
      will_paginate
    bootstrap4-datetime-picker-rails (0.3.1)
      jquery-rails (~> 4.2, >= 4.2.0)
      moment-timezone-rails (~> 1.0)
      momentjs-rails (>= 2.10.5, <= 3.0.0)
    builder (3.2.4)
    byebug (11.1.3)
    capybara (3.35.3)
      addressable
      mini_mime (>= 0.1.3)
      nokogiri (~> 1.8)
      rack (>= 1.6.0)
      rack-test (>= 0.6.3)
      regexp_parser (>= 1.5, < 3.0)
      xpath (~> 3.2)
    capybara-slow_finder_errors (0.1.5)
      capybara (~> 3.0)
    childprocess (3.0.0)
    coderay (1.1.3)
    coffee-rails (5.0.0)
      coffee-script (>= 2.2.0)
      railties (>= 5.2.0)
    coffee-script (2.4.1)
      coffee-script-source
      execjs
    coffee-script-source (1.12.2)
    concurrent-ruby (1.1.8)
    crass (1.0.6)
    database_cleaner (2.0.1)
      database_cleaner-active_record (~> 2.0.0)
    database_cleaner-active_record (2.0.1)
      activerecord (>= 5.a)
      database_cleaner-core (~> 2.0.0)
    database_cleaner-core (2.0.1)
    diff-lcs (1.4.4)
    erubi (1.10.0)
    erubis (2.7.0)
    execjs (2.8.1)
    factory_bot (6.2.0)
      activesupport (>= 5.0.0)
    factory_bot_rails (6.2.0)
      factory_bot (~> 6.2.0)
      railties (>= 5.0.0)
    ffi (1.15.1)
    font-awesome-rails (4.7.0.7)
      railties (>= 3.2, < 7)
    globalid (0.4.2)
      activesupport (>= 4.2.0)
    haml (5.2.1)
      temple (>= 0.8.0)
      tilt
    haml-rails (2.0.1)
      actionpack (>= 5.1)
      activesupport (>= 5.1)
      haml (>= 4.0.6, < 6.0)
      html2haml (>= 1.0.1)
      railties (>= 5.1)
    html2haml (2.2.0)
      erubis (~> 2.7.0)
      haml (>= 4.0, < 6)
      nokogiri (>= 1.6.0)
      ruby_parser (~> 3.5)
    i18n (1.8.10)
      concurrent-ruby (~> 1.0)
    jmespath (1.4.0)
    jquery-datatables (1.10.20)
    jquery-rails (4.4.0)
      rails-dom-testing (>= 1, < 3)
      railties (>= 4.2.0)
      thor (>= 0.14, < 2.0)
    launchy (2.5.0)
      addressable (~> 2.7)
    letter_opener (1.7.0)
      launchy (~> 2.2)
    letter_opener_web (1.4.0)
      actionmailer (>= 3.2)
      letter_opener (~> 1.0)
      railties (>= 3.2)
    listen (3.1.5)
      rb-fsevent (~> 0.9, >= 0.9.4)
      rb-inotify (~> 0.9, >= 0.9.7)
      ruby_dep (~> 1.2)
    loofah (2.9.1)
      crass (~> 1.0.2)
      nokogiri (>= 1.5.9)
    mail (2.7.1)
      mini_mime (>= 0.1.1)
    marcel (1.0.1)
    method_source (1.0.0)
    mini_magick (4.11.0)
    mini_mime (1.0.3)
    mini_portile2 (2.5.1)
    minitest (5.14.4)
    moment-timezone-rails (1.0.0)
      momentjs-rails (>= 2.10.5, <= 3.0.0)
    momentjs-rails (2.20.1)
      railties (>= 3.1)
    monetize (1.9.4)
      money (~> 6.12)
    money (6.13.8)
      i18n (>= 0.6.4, <= 2)
    money-rails (1.14.0)
      activesupport (>= 3.0)
      monetize (~> 1.9.0)
      money (~> 6.13.2)
      railties (>= 3.0)
    msgpack (1.4.2)
    nio4r (2.5.7)
    nokogiri (1.11.6)
      mini_portile2 (~> 2.5.0)
      racc (~> 1.4)
    nokogiri (1.11.6-x86_64-darwin)
      racc (~> 1.4)
    orm_adapter (0.5.0)
    parallel (1.20.1)
    parser (3.0.1.1)
      ast (~> 2.4.1)
    pg (1.2.3)
    popper_js (1.16.0)
    pry (0.14.1)
      coderay (~> 1.1)
      method_source (~> 1.0)
    pry-rails (0.3.9)
      pry (>= 0.10.4)
    public_suffix (4.0.6)
    puma (4.3.8)
      nio4r (~> 2.0)
    pundit (2.1.0)
      activesupport (>= 3.0.0)
    racc (1.5.2)
    rack (2.2.3)
    rack-mini-profiler (2.3.2)
      rack (>= 1.2.0)
    rack-test (1.1.0)
      rack (>= 1.0, < 3)
    rails (6.1.3.2)
      actioncable (= 6.1.3.2)
      actionmailbox (= 6.1.3.2)
      actionmailer (= 6.1.3.2)
      actionpack (= 6.1.3.2)
      actiontext (= 6.1.3.2)
      actionview (= 6.1.3.2)
      activejob (= 6.1.3.2)
      activemodel (= 6.1.3.2)
      activerecord (= 6.1.3.2)
      activestorage (= 6.1.3.2)
      activesupport (= 6.1.3.2)
      bundler (>= 1.15.0)
      railties (= 6.1.3.2)
      sprockets-rails (>= 2.0.0)
    rails-dom-testing (2.0.3)
      activesupport (>= 4.2.0)
      nokogiri (>= 1.6)
    rails-html-sanitizer (1.3.0)
      loofah (~> 2.3)
    rails_12factor (0.0.3)
      rails_serve_static_assets
      rails_stdout_logging
    rails_serve_static_assets (0.0.5)
    rails_stdout_logging (0.0.5)
    railties (6.1.3.2)
      actionpack (= 6.1.3.2)
      activesupport (= 6.1.3.2)
      method_source
      rake (>= 0.8.7)
      thor (~> 1.0)
    rainbow (3.0.0)
    rake (13.0.3)
    rb-fsevent (0.11.0)
    rb-inotify (0.10.1)
      ffi (~> 1.0)
    regexp_parser (2.1.1)
    responders (3.0.1)
      actionpack (>= 5.0)
      railties (>= 5.0)
    rexml (3.2.5)
    rspec-core (3.10.1)
      rspec-support (~> 3.10.0)
    rspec-expectations (3.10.1)
      diff-lcs (>= 1.2.0, < 2.0)
      rspec-support (~> 3.10.0)
    rspec-mocks (3.10.2)
      diff-lcs (>= 1.2.0, < 2.0)
      rspec-support (~> 3.10.0)
    rspec-rails (5.0.1)
      actionpack (>= 5.2)
      activesupport (>= 5.2)
      railties (>= 5.2)
      rspec-core (~> 3.10)
      rspec-expectations (~> 3.10)
      rspec-mocks (~> 3.10)
      rspec-support (~> 3.10)
    rspec-retry (0.6.2)
      rspec-core (> 3.3)
    rspec-support (3.10.2)
    rspec_junit_formatter (0.4.1)
      rspec-core (>= 2, < 4, != 2.12.0)
    rubocop (1.15.0)
      parallel (~> 1.10)
      parser (>= 3.0.0.0)
      rainbow (>= 2.2.2, < 4.0)
      regexp_parser (>= 1.8, < 3.0)
      rexml
      rubocop-ast (>= 1.5.0, < 2.0)
      ruby-progressbar (~> 1.7)
      unicode-display_width (>= 1.4.0, < 3.0)
    rubocop-ast (1.6.0)
      parser (>= 3.0.1.1)
    ruby-progressbar (1.11.0)
    ruby_dep (1.5.0)
    ruby_parser (3.16.0)
      sexp_processor (~> 4.15, >= 4.15.1)
    rubyzip (2.3.0)
    sassc (2.4.0)
      ffi (~> 1.9)
    sassc-rails (2.1.2)
      railties (>= 4.0.0)
      sassc (>= 2.0)
      sprockets (> 3.0)
      sprockets-rails
      tilt
    selenium-webdriver (3.142.7)
      childprocess (>= 0.5, < 4.0)
      rubyzip (>= 1.2.2)
    sexp_processor (4.15.3)
    shoulda-matchers (4.5.1)
      activesupport (>= 4.2.0)
    simple_form (5.1.0)
      actionpack (>= 5.2)
      activemodel (>= 5.2)
    spring (2.1.1)
    spring-watcher-listen (2.0.1)
      listen (>= 2.7, < 4.0)
      spring (>= 1.2, < 3.0)
    sprockets (4.0.2)
      concurrent-ruby (~> 1.0)
      rack (> 1, < 3)
    sprockets-rails (3.2.2)
      actionpack (>= 4.0)
      activesupport (>= 4.0)
      sprockets (>= 3.0.0)
    temple (0.8.2)
    thor (1.1.0)
    tilt (2.0.10)
    tinymce-rails (5.8.1)
      railties (>= 3.1.1)
    turbolinks (5.2.1)
      turbolinks-source (~> 5.2)
    turbolinks-source (5.2.0)
    tzinfo (2.0.4)
      concurrent-ruby (~> 1.0)
    uglifier (4.2.0)
      execjs (>= 0.3.0, < 3)
    unicode-display_width (2.0.0)
    warden (1.2.9)
      rack (>= 2.0.9)
    web-console (4.1.0)
      actionview (>= 6.0.0)
      activemodel (>= 6.0.0)
      bindex (>= 0.4.0)
      railties (>= 6.0.0)
    webdrivers (4.6.0)
      nokogiri (~> 1.6)
      rubyzip (>= 1.3.0)
      selenium-webdriver (>= 3.0, < 4.0)
    websocket-driver (0.7.4)
      websocket-extensions (>= 0.1.0)
    websocket-extensions (0.1.5)
    will_paginate (3.2.1)
    xpath (3.2.0)
      nokogiri (~> 1.8)
    zeitwerk (2.4.2)

PLATFORMS
  ruby
  x86_64-darwin-18

DEPENDENCIES
  ajax-datatables-rails
  aws-sdk-s3
  bootsnap
  bootstrap (~> 4)
  bootstrap-will_paginate (~> 1.0.0)
  bootstrap4-datetime-picker-rails
  byebug
  capybara (>= 2.15)
  capybara-slow_finder_errors
  coffee-rails
  database_cleaner
  devise!
  factory_bot_rails
  font-awesome-rails
  haml
  haml-rails
  jquery-datatables
  jquery-rails
  letter_opener_web
  listen (>= 3.0.5, < 3.2)
  mini_magick
  momentjs-rails
  money-rails
  pg (>= 0.18, < 2.0)
  pry-rails
  puma (~> 4.3)
  pundit
  rack-mini-profiler
  rails (>= 6.1)
  rails_12factor
  rspec-rails
  rspec-retry
  rspec_junit_formatter
  rubocop
  shoulda-matchers
  simple_form
  spring
  spring-watcher-listen (~> 2.0.0)
  tinymce-rails (~> 5.1)
  turbolinks (~> 5.2)
  tzinfo-data
  uglifier (>= 1.3.0)
  web-console (>= 3.3.0)
  webdrivers
  will_paginate (~> 3.2.1)

RUBY VERSION
   ruby 2.7.2p137

BUNDLED WITH
   2.1.4
